GEM
  remote: http://rubygems.org/
  specs:
    classifier (1.3.3)
      fast-stemmer (>= 1.0.0)
    curb (0.8.0)
    diff-lcs (1.1.3)
    fast-stemmer (1.0.1)
    hashugar (0.0.6)
    json (1.7.0)
    madeleine (0.7.3)
    rspec (2.10.0)
      rspec-core (~> 2.10.0)
      rspec-expectations (~> 2.10.0)
      rspec-mocks (~> 2.10.0)
    rspec-core (2.10.0)
    rspec-expectations (2.10.0)
      diff-lcs (~> 1.1.3)
    rspec-mocks (2.10.1)
    settingslogic (2.0.8)

PLATFORMS
  ruby

DEPENDENCIES
  classifier
  curb
  hashugar
  json
  madeleine
  rspec
  settingslogic
